GEM
  remote: http://rubygems.org/
  specs:
    ansi (1.5.0)
    builder (3.2.3)
    diff-lcs (1.3)
    hashie (3.5.7)
    minitest (4.7.5)
    minitest-reporters (0.14.24)
      ansi
      builder
      minitest (>= 2.12, < 5.0)
      powerbar
    openstudio-standards (0.2.1)
    openstudio-workflow (1.3.2)
    parallel (1.10.0)
    powerbar (2.0.1)
      hashie (>= 1.1.0)
    rspec (3.5.0)
      rspec-core (~> 3.5.0)
      rspec-expectations (~> 3.5.0)
      rspec-mocks (~> 3.5.0)
    rspec-core (3.5.4)
      rspec-support (~> 3.5.0)
    rspec-expectations (3.5.0)
      diff-lcs (>= 1.2.0, < 2.0)
      rspec-support (~> 3.5.0)
    rspec-mocks (3.5.0)
      diff-lcs (>= 1.2.0, < 2.0)
      rspec-support (~> 3.5.0)
    rspec-support (3.5.0)
    test-unit-minitest (0.9.1)
      minitest (~> 4.7)

PLATFORMS
  x64-mingw32

DEPENDENCIES
  bundler (= 1.14.4)
  minitest-reporters (= 0.14.24)
  openstudio-standards (= 0.2.1)
  openstudio-workflow (= 1.3.2)
  parallel (= 1.10.0)
  rspec (= 3.5.0)
  test-unit-minitest (= 0.9.1)

BUNDLED WITH
   1.14.4
